GEM
  remote: http://rubygems.org/
  specs:
    em-synchrony (1.0.3)
      eventmachine (>= 1.0.0.beta.1)
    eventmachine (1.0.3)
    faye-websocket (0.6.2)
      eventmachine (>= 0.12.0)
      websocket-driver (>= 0.2.0)
    rack (1.5.2)
    rack-stream (0.0.5)
      em-synchrony
      eventmachine
      faye-websocket
      rack
    websocket-driver (0.2.1)

PLATFORMS
  ruby

DEPENDENCIES
  rack-stream
